PATH
  remote: .
  specs:
    jsii_runtime (0.20.11)

GEM
  remote: https://rubygems.org/
  specs:
    ast (2.4.1)
    parallel (1.19.2)
    parser (2.7.1.4)
      ast (~> 2.4.1)
    power_assert (1.1.5)
    rainbow (3.0.0)
    regexp_parser (1.7.1)
    rexml (3.2.4)
    rubocop (0.86.0)
      parallel (~> 1.10)
      parser (>= 2.7.0.1)
      rainbow (>= 2.2.2, < 4.0)
      regexp_parser (>= 1.7)
      rexml
      rubocop-ast (>= 0.0.3, < 1.0)
      ruby-progressbar (~> 1.7)
      unicode-display_width (>= 1.4.0, < 2.0)
    rubocop-ast (0.0.3)
      parser (>= 2.7.0.1)
    ruby-progressbar (1.10.1)
    test-unit (3.3.4)
      power_assert
    unicode-display_width (1.7.0)

PLATFORMS
  ruby

DEPENDENCIES
  jsii_runtime!
  rubocop (~> 0.86.0)
  test-unit (~> 3.3.3)

BUNDLED WITH
   2.0.2
